GEM
  remote: http://rubygems.org/
  specs:
    fakefs (0.6.0)

PLATFORMS
  ruby

DEPENDENCIES
  fakefs
